PATH
  remote: .
  specs:
    poetry_reader (1.2.3)
      nokogiri

GEM
  remote: https://rubygems.org/
  specs:
    mini_portile2 (2.4.0)
    nokogiri (1.10.4)
      mini_portile2 (~> 2.4.0)
    rake (10.5.0)

PLATFORMS
  ruby

DEPENDENCIES
  bundler (~> 2.0)
  nokogiri
  poetry_reader!
  rake (~> 10.0)

BUNDLED WITH
   2.0.1
